GEM
  remote: https://rubygems.org/
  specs:
    pg (1.2.0)
    sqlite3 (1.4.2)

PLATFORMS
  ruby

DEPENDENCIES
  pg
  sqlite3

BUNDLED WITH
   1.17.2
